GIT
  remote: git://github.com/mirakui/tumblr_client.git
  revision: db344aff46eed2df85f80a3b8eaa2dda1e090714
  ref: db344aff46eed2df85f80a3b8eaa2dda1e090714
  specs:
    tumblr_client (0.8.2)
      faraday (~> 0.9.0)
      faraday_middleware (~> 0.9)
      json
      mime-types
      oauth
      simple_oauth

GEM
  remote: https://rubygems.org/
  specs:
    addressable (2.3.6)
    buftok (0.2.0)
    equalizer (0.0.9)
    faraday (0.9.0)
      multipart-post (>= 1.2, < 3)
    faraday_middleware (0.9.1)
      faraday (>= 0.7.4, < 0.10)
    http (0.5.0)
      http_parser.rb
    http_parser.rb (0.6.0)
    json (1.8.1)
    memoizable (0.4.2)
      thread_safe (~> 0.3, >= 0.3.1)
    mime-types (2.2)
    multipart-post (2.0.0)
    naught (1.0.0)
    oauth (0.4.7)
    simple_oauth (0.2.0)
    thread_safe (0.3.3)
    twitter (5.8.0)
      addressable (~> 2.3)
      buftok (~> 0.2.0)
      equalizer (~> 0.0.9)
      faraday (~> 0.9.0)
      http (~> 0.5.0)
      http_parser.rb (~> 0.6.0)
      json (~> 1.8)
      memoizable (~> 0.4.0)
      naught (~> 1.0)
      simple_oauth (~> 0.2.0)

PLATFORMS
  ruby

DEPENDENCIES
  tumblr_client!
  twitter (~> 5.8.0)
